PATH
  remote: .
  specs:
    keyrack (0.3.0)
      clipboard
      highline
      net-scp
      scrypty

GEM
  remote: https://rubygems.org/
  specs:
    clipboard (1.0.1)
    coderay (1.0.8)
    ffi (1.2.0)
    guard (1.5.4)
      listen (>= 0.4.2)
      lumberjack (>= 1.0.2)
      pry (>= 0.9.10)
      thor (>= 0.14.6)
    guard-test (0.7.0)
      guard (>= 1.1)
      test-unit (~> 2.2)
    highline (1.6.15)
    listen (0.6.0)
    lumberjack (1.0.2)
    metaclass (0.0.1)
    method_source (0.8.1)
    mocha (0.13.0)
      metaclass (~> 0.0.1)
    net-scp (1.0.4)
      net-ssh (>= 1.99.1)
    net-ssh (2.6.2)
    pry (0.9.10)
      coderay (~> 1.0.5)
      method_source (~> 0.8)
      slop (~> 3.3.1)
    rb-inotify (0.8.8)
      ffi (>= 0.5.0)
    scrypty (0.0.3)
    slop (3.3.3)
    test-unit (2.5.3)
    thor (0.16.0)

PLATFORMS
  ruby

DEPENDENCIES
  bundler
  guard-test
  keyrack!
  mocha
  rb-inotify
  test-unit
