GEM
  remote: http://rubygems.org/
  specs:
    clipboard (0.9.2)
      ffi
      zucker (>= 8)
    ffi (1.0.1)
      rake (>= 0.8.7)
    git (1.2.5)
    highline (1.6.1)
    jeweler (1.5.1)
      bundler (~> 1.0.0)
      git (>= 1.2.5)
      rake
    mocha (0.9.10)
      rake
    net-scp (1.0.4)
      net-ssh (>= 1.99.1)
    net-ssh (2.0.23)
    rake (0.8.7)
    rcov (0.9.9)
    zucker (8)

PLATFORMS
  ruby

DEPENDENCIES
  bundler (~> 1.0.0)
  clipboard
  highline
  jeweler (~> 1.5.1)
  mocha
  net-scp
  rcov
