PATH
  remote: .
  specs:
    keyrack (0.1.0)
      copier
      highline
      net-scp

GEM
  remote: https://rubygems.org/
  specs:
    copier (1.3)
    highline (1.6.15)
    metaclass (0.0.1)
    mocha (0.13.0)
      metaclass (~> 0.0.1)
    net-scp (1.0.4)
      net-ssh (>= 1.99.1)
    net-ssh (2.6.2)
    test-unit (2.5.3)

PLATFORMS
  ruby

DEPENDENCIES
  bundler
  keyrack!
  mocha
  test-unit
